STORAGE: NONE
RESTRICTION: || (== netcoreapp3.1) (== netstandard2.0) (== netstandard2.1)
NUGET
  remote: https://api.nuget.org/v3/index.json
    FSharp.Core (5.0)
    Humanizer (2.8.26)
      Humanizer.Core.af (>= 2.8.26)
      Humanizer.Core.ar (>= 2.8.26)
      Humanizer.Core.az (>= 2.8.26)
      Humanizer.Core.bg (>= 2.8.26)
      Humanizer.Core.bn-BD (>= 2.8.26)
      Humanizer.Core.cs (>= 2.8.26)
      Humanizer.Core.da (>= 2.8.26)
      Humanizer.Core.de (>= 2.8.26)
      Humanizer.Core.el (>= 2.8.26)
      Humanizer.Core.es (>= 2.8.26)
      Humanizer.Core.fa (>= 2.8.26)
      Humanizer.Core.fi-FI (>= 2.8.26)
      Humanizer.Core.fr (>= 2.8.26)
      Humanizer.Core.fr-BE (>= 2.8.26)
      Humanizer.Core.he (>= 2.8.26)
      Humanizer.Core.hr (>= 2.8.26)
      Humanizer.Core.hu (>= 2.8.26)
      Humanizer.Core.hy (>= 2.8.26)
      Humanizer.Core.id (>= 2.8.26)
      Humanizer.Core.it (>= 2.8.26)
      Humanizer.Core.ja (>= 2.8.26)
      Humanizer.Core.lv (>= 2.8.26)
      Humanizer.Core.ms-MY (>= 2.8.26)
      Humanizer.Core.mt (>= 2.8.26)
      Humanizer.Core.nb (>= 2.8.26)
      Humanizer.Core.nb-NO (>= 2.8.26)
      Humanizer.Core.nl (>= 2.8.26)
      Humanizer.Core.pl (>= 2.8.26)
      Humanizer.Core.pt (>= 2.8.26)
      Humanizer.Core.ro (>= 2.8.26)
      Humanizer.Core.ru (>= 2.8.26)
      Humanizer.Core.sk (>= 2.8.26)
      Humanizer.Core.sl (>= 2.8.26)
      Humanizer.Core.sr (>= 2.8.26)
      Humanizer.Core.sr-Latn (>= 2.8.26)
      Humanizer.Core.sv (>= 2.8.26)
      Humanizer.Core.tr (>= 2.8.26)
      Humanizer.Core.uk (>= 2.8.26)
      Humanizer.Core.uz-Cyrl-UZ (>= 2.8.26)
      Humanizer.Core.uz-Latn-UZ (>= 2.8.26)
      Humanizer.Core.vi (>= 2.8.26)
      Humanizer.Core.zh-CN (>= 2.8.26)
      Humanizer.Core.zh-Hans (>= 2.8.26)
      Humanizer.Core.zh-Hant (>= 2.8.26)
    Humanizer.Core (2.8.26)
    Humanizer.Core.af (2.8.26)
      Humanizer.Core (2.8.26)
    Humanizer.Core.ar (2.8.26)
      Humanizer.Core (2.8.26)
    Humanizer.Core.az (2.8.26)
      Humanizer.Core (2.8.26)
    Humanizer.Core.bg (2.8.26)
      Humanizer.Core (2.8.26)
    Humanizer.Core.bn-BD (2.8.26)
      Humanizer.Core (2.8.26)
    Humanizer.Core.cs (2.8.26)
      Humanizer.Core (2.8.26)
    Humanizer.Core.da (2.8.26)
      Humanizer.Core (2.8.26)
    Humanizer.Core.de (2.8.26)
      Humanizer.Core (2.8.26)
    Humanizer.Core.el (2.8.26)
      Humanizer.Core (2.8.26)
    Humanizer.Core.es (2.8.26)
      Humanizer.Core (2.8.26)
    Humanizer.Core.fa (2.8.26)
      Humanizer.Core (2.8.26)
    Humanizer.Core.fi-FI (2.8.26)
      Humanizer.Core (2.8.26)
    Humanizer.Core.fr (2.8.26)
      Humanizer.Core (2.8.26)
    Humanizer.Core.fr-BE (2.8.26)
      Humanizer.Core (2.8.26)
    Humanizer.Core.he (2.8.26)
      Humanizer.Core (2.8.26)
    Humanizer.Core.hr (2.8.26)
      Humanizer.Core (2.8.26)
    Humanizer.Core.hu (2.8.26)
      Humanizer.Core (2.8.26)
    Humanizer.Core.hy (2.8.26)
      Humanizer.Core (2.8.26)
    Humanizer.Core.id (2.8.26)
      Humanizer.Core (2.8.26)
    Humanizer.Core.it (2.8.26)
      Humanizer.Core (2.8.26)
    Humanizer.Core.ja (2.8.26)
      Humanizer.Core (2.8.26)
    Humanizer.Core.lv (2.8.26)
      Humanizer.Core (2.8.26)
    Humanizer.Core.ms-MY (2.8.26)
      Humanizer.Core (2.8.26)
    Humanizer.Core.mt (2.8.26)
      Humanizer.Core (2.8.26)
    Humanizer.Core.nb (2.8.26)
      Humanizer.Core (2.8.26)
    Humanizer.Core.nb-NO (2.8.26)
      Humanizer.Core (2.8.26)
    Humanizer.Core.nl (2.8.26)
      Humanizer.Core (2.8.26)
    Humanizer.Core.pl (2.8.26)
      Humanizer.Core (2.8.26)
    Humanizer.Core.pt (2.8.26)
      Humanizer.Core (2.8.26)
    Humanizer.Core.ro (2.8.26)
      Humanizer.Core (2.8.26)
    Humanizer.Core.ru (2.8.26)
      Humanizer.Core (2.8.26)
    Humanizer.Core.sk (2.8.26)
      Humanizer.Core (2.8.26)
    Humanizer.Core.sl (2.8.26)
      Humanizer.Core (2.8.26)
    Humanizer.Core.sr (2.8.26)
      Humanizer.Core (2.8.26)
    Humanizer.Core.sr-Latn (2.8.26)
      Humanizer.Core (2.8.26)
    Humanizer.Core.sv (2.8.26)
      Humanizer.Core (2.8.26)
    Humanizer.Core.tr (2.8.26)
      Humanizer.Core (2.8.26)
    Humanizer.Core.uk (2.8.26)
      Humanizer.Core (2.8.26)
    Humanizer.Core.uz-Cyrl-UZ (2.8.26)
      Humanizer.Core (2.8.26)
    Humanizer.Core.uz-Latn-UZ (2.8.26)
      Humanizer.Core (2.8.26)
    Humanizer.Core.vi (2.8.26)
      Humanizer.Core (2.8.26)
    Humanizer.Core.zh-CN (2.8.26)
      Humanizer.Core (2.8.26)
    Humanizer.Core.zh-Hans (2.8.26)
      Humanizer.Core (2.8.26)
    Humanizer.Core.zh-Hant (2.8.26)
      Humanizer.Core (2.8.26)
    Newtonsoft.Json (12.0.3)
